GEM
  remote: https://rubygems.org/
  specs:
    awesome_print (1.2.0)
    backports (3.12.0)
    coderay (1.1.0)
    ffi (1.9.0)
    ffi (1.9.0-x86-mingw32)
    listen (1.0.3)
      rb-fsevent (>= 0.9.3)
      rb-inotify (>= 0.9)
      rb-kqueue (>= 0.2)
    method_source (0.8.2)
    multi_json (1.13.1)
    mustermann (1.0.3)
    pg (0.17.0)
    pg (0.17.0-x86-mingw32)
    pry (0.9.12.3)
      coderay (~> 1.0)
      method_source (~> 0.8)
      slop (~> 3.4)
    pry (0.9.12.3-x86-mingw32)
      coderay (~> 1.0)
      method_source (~> 0.8)
      slop (~> 3.4)
      win32console (~> 1.3)
    rack (2.0.6)
    rack-protection (2.0.5)
      rack
    rb-fsevent (0.9.3)
    rb-inotify (0.9.2)
      ffi (>= 0.5.0)
    rb-kqueue (0.2.0)
      ffi (>= 0.5.0)
    rerun (0.8.2)
      listen (~> 1.0.3)
    sequel (5.18.0)
    sinatra (2.0.5)
      mustermann (~> 1.0)
      rack (~> 2.0)
      rack-protection (= 2.0.5)
      tilt (~> 2.0)
    sinatra-contrib (2.0.5)
      backports (>= 2.8.2)
      multi_json
      mustermann (~> 1.0)
      rack-protection (= 2.0.5)
      sinatra (= 2.0.5)
      tilt (>= 1.3, < 3)
    slop (3.4.7)
    sqlite3 (1.4.0)
    tilt (2.0.9)
    win32console (1.3.2-x86-mingw32)

PLATFORMS
  ruby
  x86-mingw32

DEPENDENCIES
  awesome_print
  pg
  pry
  rerun
  sequel (~> 5.18)
  sinatra (~> 2.0)
  sinatra-contrib (~> 2.0)
  sqlite3 (~> 1.4)

RUBY VERSION
   ruby 2.6.0p0

BUNDLED WITH
   1.17.2
